GEM
  remote: https://rubygems.org/
  specs:
    json (2.3.1)
    multi_json (1.14.1)
    rack (1.6.13)
    rack-protection (1.5.5)
      rack
    sinatra (1.4.8)
      rack (~> 1.5)
      rack-protection (~> 1.4)
      tilt (>= 1.3, < 3)
    sinatra-base (1.4.0)
      rack (~> 1.3, >= 1.3.6)
      rack-protection (~> 1.2)
      tilt (~> 1.3, >= 1.3.3)
    sinatra-json (0.1.0)
      multi_json (~> 1.0)
      sinatra (~> 1.0)
    tilt (1.4.1)

PLATFORMS
  ruby

DEPENDENCIES
  json (~> 2.3, >= 2.3.1)
  sinatra
  sinatra-base (~> 1.4)
  sinatra-json (~> 0.1.0)

BUNDLED WITH
   2.1.4
